PATH
  remote: .
  specs:
    synapse (0.11.1)
      aws-sdk (~> 1.39)
      docker-api (~> 1.7.2)
      etcd (~> 0.2.4)
      zk (~> 1.9.4)

GEM
  remote: https://rubygems.org/
  specs:
    archive-tar-minitar (0.5.2)
    aws-sdk (1.51.0)
      json (~> 1.4)
      nokogiri (>= 1.4.4)
    coderay (1.1.0)
    diff-lcs (1.2.5)
    docker-api (1.7.6)
      archive-tar-minitar
      excon (>= 0.28)
      json
    etcd (0.2.4)
      mixlib-log
    excon (0.39.5)
    json (1.8.1)
    little-plugger (1.1.3)
    logging (1.8.2)
      little-plugger (>= 1.1.3)
      multi_json (>= 1.8.4)
    method_source (0.8.2)
    mini_portile (0.6.0)
    mixlib-log (1.6.0)
    multi_json (1.10.1)
    nokogiri (1.6.3.1)
      mini_portile (= 0.6.0)
    pry (0.10.1)
      coderay (~> 1.1.0)
      method_source (~> 0.8.1)
      slop (~> 3.4)
    pry-nav (0.2.4)
      pry (>= 0.9.10, < 0.11.0)
    rake (10.3.2)
    rspec (3.0.0)
      rspec-core (~> 3.0.0)
      rspec-expectations (~> 3.0.0)
      rspec-mocks (~> 3.0.0)
    rspec-core (3.0.4)
      rspec-support (~> 3.0.0)
    rspec-expectations (3.0.4)
      diff-lcs (>= 1.2.0, < 2.0)
      rspec-support (~> 3.0.0)
    rspec-mocks (3.0.4)
      rspec-support (~> 3.0.0)
    rspec-support (3.0.4)
    slop (3.6.0)
    zk (1.9.4)
      logging (~> 1.8.2)
      zookeeper (~> 1.4.0)
    zookeeper (1.4.8)

PLATFORMS
  ruby

DEPENDENCIES
  pry
  pry-nav
  rake
  rspec
  synapse!
